GEM
  remote: https://rubygems.org/
  specs:
    Ascii85 (1.0.2)
    activemodel (5.1.4)
      activesupport (= 5.1.4)
    activerecord (5.1.4)
      activemodel (= 5.1.4)
      activesupport (= 5.1.4)
      arel (~> 8.0)
    activerecord-simple_index_name (0.4.0)
      activerecord
      activesupport
    activesupport (5.1.4)
      concurrent-ruby (~> 1.0, >= 1.0.2)
      i18n (~> 0.7)
      minitest (~> 5.1)
      tzinfo (~> 1.1)
    addressable (2.5.2)
      public_suffix (>= 2.0.2, < 4.0)
    afm (0.2.2)
    annotate (2.7.2)
      activerecord (>= 3.2, < 6.0)
      rake (>= 10.4, < 13.0)
    arel (8.0.0)
    ast (2.3.0)
    buftok (0.2.0)
    coderay (1.1.2)
    concurrent-ruby (1.0.5)
    coveralls (0.8.21)
      json (>= 1.8, < 3)
      simplecov (~> 0.14.1)
      term-ansicolor (~> 1.3)
      thor (~> 0.19.4)
      tins (~> 1.6)
    database_rewinder (0.8.2)
    diff-lcs (1.3)
    docile (1.1.5)
    domain_name (0.5.20170404)
      unf (>= 0.0.5, < 1.0.0)
    dotenv (2.2.1)
    enumerable-lazy (0.0.2)
    equalizer (0.0.11)
    factory_girl (4.8.0)
      activesupport (>= 3.0.0)
    faraday (0.11.0)
      multipart-post (>= 1.2, < 3)
    ffi (1.9.18)
    foreman (0.84.0)
      thor (~> 0.19.1)
    hashery (2.1.2)
    http (2.2.2)
      addressable (~> 2.3)
      http-cookie (~> 1.0)
      http-form_data (~> 1.0.1)
      http_parser.rb (~> 0.6.0)
    http-cookie (1.0.3)
      domain_name (~> 0.5)
    http-form_data (1.0.3)
    http_parser.rb (0.6.0)
    i18n (0.8.6)
    json (2.1.0)
    mail (2.6.6)
      mime-types (>= 1.16, < 4)
    mechanize (2.7.5)
      domain_name (~> 0.5, >= 0.5.1)
      http-cookie (~> 1.0)
      mime-types (>= 1.17.2)
      net-http-digest_auth (~> 1.1, >= 1.1.1)
      net-http-persistent (~> 2.5, >= 2.5.2)
      nokogiri (~> 1.6)
      ntlm-http (~> 0.1, >= 0.1.1)
      webrobots (>= 0.0.9, < 0.2)
    memoizable (0.4.2)
      thread_safe (~> 0.3, >= 0.3.1)
    method_source (0.9.0)
    mime-types (2.99.3)
    mini_portile2 (2.3.0)
    minitest (5.10.3)
    moneta (0.8.1)
    multi_json (1.12.2)
    multipart-post (2.0.0)
    mustermann (1.0.1)
    mustermann19 (0.4.4)
      enumerable-lazy
    naught (1.1.0)
    net-http-digest_auth (1.4.1)
    net-http-persistent (2.9.4)
    newrelic_rpm (4.4.0.336)
    nokogiri (1.8.1)
      mini_portile2 (~> 2.3.0)
    ntlm-http (0.1.1)
    onkcop (0.49.1.1)
      rubocop (~> 0.49.1)
      rubocop-rspec (>= 1.16.0)
    padrino (0.14.1.1)
      padrino-admin (= 0.14.1.1)
      padrino-cache (= 0.14.1.1)
      padrino-core (= 0.14.1.1)
      padrino-gen (= 0.14.1.1)
      padrino-helpers (= 0.14.1.1)
      padrino-mailer (= 0.14.1.1)
      padrino-support (= 0.14.1.1)
    padrino-admin (0.14.1.1)
      padrino-core (= 0.14.1.1)
      padrino-helpers (= 0.14.1.1)
    padrino-cache (0.14.1.1)
      moneta (~> 0.8.0)
      padrino-core (= 0.14.1.1)
      padrino-helpers (= 0.14.1.1)
    padrino-core (0.14.1.1)
      mustermann19
      padrino-support (= 0.14.1.1)
      rack-protection (>= 1.5.0)
      sinatra (>= 1.4.6)
      thor (~> 0.18)
    padrino-gen (0.14.1.1)
      bundler (~> 1.0)
      padrino-core (= 0.14.1.1)
    padrino-helpers (0.14.1.1)
      i18n (~> 0.6, >= 0.6.7)
      padrino-support (= 0.14.1.1)
      tilt (>= 1.4.1, < 3)
    padrino-mailer (0.14.1.1)
      mail (~> 2.5)
      mime-types (< 3)
      padrino-core (= 0.14.1.1)
    padrino-support (0.14.1.1)
    parallel (1.12.0)
    parser (2.4.0.0)
      ast (~> 2.2)
    pdf-reader (2.0.0)
      Ascii85 (~> 1.0.0)
      afm (~> 0.2.1)
      hashery (~> 2.0)
      ruby-rc4
      ttfunk
    pg (0.21.0)
    powerpack (0.1.1)
    pry (0.9.12.6)
      coderay (~> 1.0)
      method_source (~> 0.8)
      slop (~> 3.4)
    pry-nav (0.2.4)
      pry (>= 0.9.10, < 0.11.0)
    public_suffix (3.0.0)
    puma (3.10.0)
    rack (2.0.3)
    rack-protection (2.0.0)
      rack
    rack-test (0.7.0)
      rack (>= 1.0, < 3)
    rainbow (2.2.2)
      rake
    rake (12.1.0)
    rb-fsevent (0.10.2)
    rb-inotify (0.9.10)
      ffi (>= 0.5.0, < 2)
    rollbar (2.15.4)
      multi_json
    rspec (3.6.0)
      rspec-core (~> 3.6.0)
      rspec-expectations (~> 3.6.0)
      rspec-mocks (~> 3.6.0)
    rspec-core (3.6.0)
      rspec-support (~> 3.6.0)
    rspec-expectations (3.6.0)
      diff-lcs (>= 1.2.0, < 2.0)
      rspec-support (~> 3.6.0)
    rspec-its (1.2.0)
      rspec-core (>= 3.0.0)
      rspec-expectations (>= 3.0.0)
    rspec-mocks (3.6.0)
      diff-lcs (>= 1.2.0, < 2.0)
      rspec-support (~> 3.6.0)
    rspec-support (3.6.0)
    rspec-temp_dir (1.0.0)
      rspec (>= 3.0)
    rubocop (0.49.1)
      parallel (~> 1.10)
      parser (>= 2.3.3.1, < 3.0)
      powerpack (~> 0.1)
      rainbow (>= 1.99.1, < 3.0)
      ruby-progressbar (~> 1.7)
      unicode-display_width (~> 1.0, >= 1.0.1)
    rubocop-rspec (1.16.0)
      rubocop (>= 0.49.0)
    ruby-progressbar (1.8.3)
    ruby-rc4 (0.1.5)
    sass (3.5.1)
      sass-listen (~> 4.0.0)
    sass-listen (4.0.0)
      rb-fsevent (~> 0.9, >= 0.9.4)
      rb-inotify (~> 0.9, >= 0.9.7)
    simple_oauth (0.3.1)
    simplecov (0.14.1)
      docile (~> 1.1.0)
      json (>= 1.8, < 3)
      simplecov-html (~> 0.10.0)
    simplecov-html (0.10.2)
    sinatra (2.0.0)
      mustermann (~> 1.0)
      rack (~> 2.0)
      rack-protection (= 2.0.0)
      tilt (~> 2.0)
    slim (3.0.8)
      temple (>= 0.7.6, < 0.9)
      tilt (>= 1.3.3, < 2.1)
    slop (3.6.0)
    sqlite3 (1.3.13)
    temple (0.8.0)
    term-ansicolor (1.6.0)
      tins (~> 1.0)
    thor (0.19.4)
    thread_safe (0.3.6)
    tilt (2.0.8)
    tins (1.15.0)
    ttfunk (1.5.1)
    twitter (6.1.0)
      addressable (~> 2.5)
      buftok (~> 0.2.0)
      equalizer (= 0.0.11)
      faraday (~> 0.11.0)
      http (~> 2.1)
      http_parser.rb (~> 0.6.0)
      memoizable (~> 0.4.2)
      naught (~> 1.1)
      simple_oauth (~> 0.3.1)
    tzinfo (1.2.3)
      thread_safe (~> 0.1)
    unf (0.1.4)
      unf_ext
    unf_ext (0.0.7.4)
    unicode-display_width (1.3.0)
    webrobots (0.1.2)

PLATFORMS
  ruby

DEPENDENCIES
  activerecord
  activerecord-simple_index_name
  annotate
  coveralls
  database_rewinder
  dotenv
  factory_girl
  foreman
  mechanize
  newrelic_rpm
  onkcop
  padrino
  pdf-reader
  pg
  pry
  pry-nav
  puma
  rack-test
  rake
  rollbar
  rspec
  rspec-its
  rspec-temp_dir
  sass
  slim
  sqlite3
  twitter

BUNDLED WITH
   1.14.6
